RESTRICTION: == net461
NUGET
  remote: http://www.nuget.org/api/v2
    Microsoft.CodeCoverage (1.0.3)
    Microsoft.NET.Test.Sdk (15.5)
      Microsoft.CodeCoverage (>= 1.0.3)
      Microsoft.TestPlatform.TestHost (>= 15.5)
    Microsoft.TestPlatform.TestHost (15.6.1)
    Newtonsoft.Json (11.0.1)
    NUnit (3.9)
    NUnit3TestAdapter (3.9)
